GEM
  remote: https://rubygems.org/
  specs:
    addressable (2.8.5)
      public_suffix (>= 2.0.2, < 6.0)
    builder (3.2.4)
    cucumber (9.0.2)
      builder (~> 3.2, >= 3.2.4)
      cucumber-ci-environment (~> 9.2, >= 9.2.0)
      cucumber-core (~> 11.1, >= 11.1.0)
      cucumber-cucumber-expressions (~> 16.1, >= 16.1.2)
      cucumber-gherkin (>= 24, < 26.2.1)
      cucumber-html-formatter (~> 20.4, >= 20.4.0)
      cucumber-messages (>= 19, < 23)
      diff-lcs (~> 1.5, >= 1.5.0)
      mini_mime (~> 1.1, >= 1.1.5)
      multi_test (~> 1.1, >= 1.1.0)
      sys-uname (~> 1.2, >= 1.2.3)
    cucumber-ci-environment (9.2.0)
    cucumber-core (11.1.0)
      cucumber-gherkin (>= 24, < 27)
      cucumber-messages (>= 19, < 22)
      cucumber-tag-expressions (~> 4.1, >= 4.1.0)
    cucumber-cucumber-expressions (16.1.2)
    cucumber-gherkin (26.2.0)
      cucumber-messages (>= 19.1.4, < 22.1)
    cucumber-html-formatter (20.4.0)
      cucumber-messages (>= 18.0, < 22.1)
    cucumber-messages (21.0.1)
    cucumber-tag-expressions (4.1.0)
    diff-lcs (1.5.0)
    ffi (1.16.3-x64-mingw-ucrt)
    httparty (0.21.0)
      mini_mime (>= 1.0.0)
      multi_xml (>= 0.5.2)
    json-schema (4.1.1)
      addressable (>= 2.8)
    mini_mime (1.1.5)
    minitest (5.20.0)
    multi_test (1.1.0)
    multi_xml (0.6.0)
    public_suffix (5.0.3)
    sys-uname (1.2.3)
      ffi (~> 1.1)

PLATFORMS
  x64-mingw-ucrt

DEPENDENCIES
  cucumber
  httparty
  json-schema
  minitest (~> 5.20)

BUNDLED WITH
   2.4.20
